GEM
  remote: https://rubygems.org/
  specs:
    awesome_print (1.7.0)
    backports (3.7.0)
    byebug (9.0.6)
    coderay (1.1.1)
    eventmachine (1.0.9)
    ffi (1.9.18)
    method_source (0.8.2)
    multi_json (1.12.1)
    pi_piper (2.0.0)
      eventmachine (= 1.0.9)
      ffi
    pry (0.10.4)
      coderay (~> 1.1.0)
      method_source (~> 0.8.1)
      slop (~> 3.4)
    pry-byebug (3.4.2)
      byebug (~> 9.0)
      pry (~> 0.10)
    rack (1.6.5)
    rack-protection (1.5.3)
      rack
    rack-test (0.6.3)
      rack (>= 1.0)
    sinatra (1.4.8)
      rack (~> 1.5)
      rack-protection (~> 1.4)
      tilt (>= 1.3, < 3)
    sinatra-contrib (1.4.7)
      backports (>= 2.0)
      multi_json
      rack-protection
      rack-test
      sinatra (~> 1.4.0)
      tilt (>= 1.3, < 3)
    slop (3.6.0)
    tilt (2.0.6)

PLATFORMS
  ruby

DEPENDENCIES
  awesome_print
  pi_piper
  pry-byebug
  sinatra
  sinatra-contrib

BUNDLED WITH
   1.12.1
