GEM
  remote: https://rubygems.org/
  specs:
    awesome_print (1.7.0)
    eventmachine (1.0.9)
    ffi (1.9.18)
    pi_piper (2.0.0)
      eventmachine (= 1.0.9)
      ffi
    rack (1.6.5)
    rack-protection (1.5.3)
      rack
    sinatra (1.4.8)
      rack (~> 1.5)
      rack-protection (~> 1.4)
      tilt (>= 1.3, < 3)
    tilt (2.0.6)

PLATFORMS
  ruby

DEPENDENCIES
  awesome_print
  pi_piper
  sinatra

BUNDLED WITH
   1.12.1
